GEM
  remote: https://rubygems.org/
  specs:
    rake (10.4.2)
    sass (3.4.16)
    scss_lint (0.44.0)
      rake (~> 10.0)
      sass (~> 3.4.15)

PLATFORMS
  ruby
  x64-mingw32

DEPENDENCIES
  scss_lint

BUNDLED WITH
   1.11.2
